PATH
  remote: .
  specs:
    unionpay (0.0.2)
      curb
      pry

GEM
  remote: http://ruby.taobao.org/
  specs:
    addressable (2.3.5)
    coderay (1.1.0)
    crack (0.4.1)
      safe_yaml (~> 0.9.0)
    curb (0.8.5)
    diff-lcs (1.2.5)
    faker (1.2.0)
      i18n (~> 0.5)
    i18n (0.6.9)
    method_source (0.8.2)
    pry (0.9.12.4)
      coderay (~> 1.0)
      method_source (~> 0.8)
      slop (~> 3.4)
    rake (10.1.1)
    rspec (2.14.1)
      rspec-core (~> 2.14.0)
      rspec-expectations (~> 2.14.0)
      rspec-mocks (~> 2.14.0)
    rspec-core (2.14.7)
    rspec-expectations (2.14.4)
      diff-lcs (>= 1.1.3, < 2.0)
    rspec-mocks (2.14.4)
    safe_yaml (0.9.7)
    slop (3.4.7)
    spork (0.9.2)
    vcr (2.8.0)
    webmock (1.15.0)
      addressable (>= 2.2.7)
      crack (>= 0.3.2)

PLATFORMS
  ruby

DEPENDENCIES
  bundler (~> 1.3)
  faker
  rake
  rspec
  spork
  unionpay!
  vcr
  webmock (= 1.15.0)
